{
    "Modality": "MR",
    "MagneticFieldStrength": 3,
    "ImagingFrequency": 123.229,
    "Manufacturer": "Siemens",
    "ManufacturersModelName": "Prisma_fit",
    "InstitutionName": "CBU",
    "InstitutionalDepartmentName": "Department",
    "InstitutionAddress": "Chaucer Road 15,Cambridge,District,GB,CB2 7EF",
    "DeviceSerialNumber": "67035",
    "StationName": "MRC35119",
    "BodyPartExamined": "BRAIN",
    "PatientPosition": "HFS",
    "ProcedureStepDescription": "AUTO_ALIGN_PROTOCOLS^MR20004",
    "SoftwareVersions": "syngo MR E11",
    "MRAcquisitionType": "2D",
    "SeriesDescription": "CBU_FieldMapping_32chn_FoV240_35mm",
    "ProtocolName": "CBU_FieldMapping_32chn_FoV240_35mm",
    "ScanningSequence": "GR",
    "SequenceVariant": "SP",
    "SequenceName": "*fm2d2r",
    "ImageType": [
        "ORIGINAL",
        "PRIMARY",
        "P",
        "ND",
        "PHASE"
    ],
    "NonlinearGradientCorrection": false,
    "SeriesNumber": 27,
    "AcquisitionTime": "12:34:22.482500",
    "AcquisitionNumber": 1,
    "SliceThickness": 3.5,
    "SpacingBetweenSlices": 3.5,
    "SAR": 0.110636,
    "EchoNumber": 2,
    "EchoTime": 0.00765,
    "RepetitionTime": 0.512,
    "FlipAngle": 60,
    "EchoTime1": 0.00519,
    "EchoTime2": 0.00765,
    "PartialFourier": 1,
    "BaseResolution": 68,
    "ShimSetting": [
        -4199,
        -6561,
        -3060,
        213,
        174,
        153,
        16,
        -49
    ],
    "TxRefAmp": 272.068,
    "PhaseResolution": 1,
    "ReceiveCoilName": "Head_32",
    "ReceiveCoilActiveElements": "HEA;HEP",
    "PulseSequenceDetails": "%SiemensSeq%\\gre_field_mapping",
    "CoilCombinationMethod": "Adaptive Combine",
    "ConsistencyInfo": "N4_VE11E_LATEST_20181129",
    "MatrixCoilMode": "SENSE",
    "PercentPhaseFOV": 100,
    "PercentSampling": 100,
    "PhaseEncodingSteps": 68,
    "AcquisitionMatrixPE": 68,
    "ReconMatrixPE": 68,
    "PixelBandwidth": 260,
    "DwellTime": 2.82e-05,
    "PhaseEncodingDirection": "j-",
    "SliceTiming": [
        0.25781,
        0,
        0.26562,
        0.01562,
        0.28125,
        0.02344,
        0.29688,
        0.03906,
        0.30469,
        0.04688,
        0.3125,
        0.0625,
        0.32812,
        0.07031,
        0.34375,
        0.08594,
        0.35156,
        0.10156,
        0.36719,
        0.10938,
        0.375,
        0.11719,
        0.39062,
        0.13281,
        0.40625,
        0.14844,
        0.41406,
        0.15625,
        0.42969,
        0.17188,
        0.4375,
        0.17969,
        0.45312,
        0.19531,
        0.46094,
        0.21094,
        0.47656,
        0.21875,
        0.49219,
        0.23438,
        0.5,
        0.24219
    ],
    "ImageOrientationPatientDICOM": [
        0.999919,
        -0.00417567,
        0.012038,
        0.00924982,
        0.887653,
        -0.460419
    ],
    "ImageOrientationText": "Tra>Cor(-27.4)>Sag(0.5)",
    "InPlanePhaseEncodingDirectionDICOM": "COL",
    "ConversionSoftware": "dcm2niix",
    "ConversionSoftwareVersion": "v1.0.20220720",
    "Dcm2bidsVersion": "2.1.6"
}