{
    "Modality": "MR",
    "MagneticFieldStrength": 3,
    "ImagingFrequency": 123.229,
    "Manufacturer": "Siemens",
    "ManufacturersModelName": "Prisma_fit",
    "InstitutionName": "CBU",
    "InstitutionalDepartmentName": "Department",
    "InstitutionAddress": "Chaucer Road 15,Cambridge,District,GB,CB2 7EF",
    "DeviceSerialNumber": "67035",
    "StationName": "MRC35119",
    "BodyPartExamined": "BRAIN",
    "PatientPosition": "HFS",
    "ProcedureStepDescription": "AUTO_ALIGN_PROTOCOLS^MR20004",
    "SoftwareVersions": "syngo MR E11",
    "MRAcquisitionType": "2D",
    "SeriesDescription": "CBU_mbep2d_bold_3mm_MEPI4_MB2_ep2",
    "ProtocolName": "CBU_mbep2d_bold_3mm_MEPI4_MB2_ep2",
    "ScanningSequence": "EP",
    "SequenceVariant": "SK\\SS",
    "ScanOptions": "PFP\\FS",
    "SequenceName": "epfid2d4_80",
    "ImageType": [
        "ORIGINAL",
        "PRIMARY",
        "M",
        "MB",
        "TE4",
        "ND",
        "NORM",
        "MOSAIC"
    ],
    "NonlinearGradientCorrection": false,
    "SeriesNumber": 15,
    "AcquisitionTime": "15:14:32.085000",
    "AcquisitionNumber": 1,
    "ImageComments": "Unaliased MB2/PE2",
    "SliceThickness": 3,
    "SpacingBetweenSlices": 3,
    "SAR": 0.0443244,
    "EchoNumber": 4,
    "EchoTime": 0.05155,
    "RepetitionTime": 1.792,
    "FlipAngle": 75,
    "PartialFourier": 0.875,
    "BaseResolution": 80,
    "ShimSetting": [
        -4201,
        -6561,
        -2943,
        348,
        116,
        145,
        61,
        -41
    ],
    "TxRefAmp": 265.401,
    "PhaseResolution": 1,
    "ReceiveCoilName": "Head_32",
    "ReceiveCoilActiveElements": "HEA;HEP",
    "PulseSequenceDetails": "%CustomerSeq%\\cmrr_mbep2d_bold",
    "WipMemBlock": "c173531b-520d-4bc0-b15a-a481b2a49b02||Sequence: R016 ve11e/master r/434b28f1; Aug  7 2019 18:53:46 by eja",
    "RefLinesPE": 36,
    "CoilCombinationMethod": "Sum of Squares",
    "ConsistencyInfo": "N4_VE11E_LATEST_20181129",
    "MatrixCoilMode": "GRAPPA",
    "MultibandAccelerationFactor": 2,
    "PercentPhaseFOV": 100,
    "PercentSampling": 100,
    "EchoTrainLength": 24,
    "PhaseEncodingSteps": 70,
    "AcquisitionMatrixPE": 80,
    "ReconMatrixPE": 80,
    "BandwidthPerPixelPhaseEncode": 76.531,
    "ParallelReductionFactorInPlane": 3,
    "EffectiveEchoSpacing": 0.000163333,
    "DerivedVendorReportedEchoSpacing": 0.000489998,
    "TotalReadoutTime": 0.0129033,
    "PixelBandwidth": 2500,
    "DwellTime": 2.5e-06,
    "PhaseEncodingDirection": "j-",
    "SliceTiming": [
        1.695,
        1.6175,
        1.54,
        1.465,
        1.3875,
        1.31,
        1.2325,
        1.155,
        1.08,
        1.0025,
        0.925,
        0.8475,
        0.77,
        0.6925,
        0.6175,
        0.54,
        0.4625,
        0.385,
        0.3075,
        0.2325,
        0.155,
        0.0775,
        0,
        1.695,
        1.6175,
        1.54,
        1.465,
        1.3875,
        1.31,
        1.2325,
        1.155,
        1.08,
        1.0025,
        0.925,
        0.8475,
        0.77,
        0.6925,
        0.6175,
        0.54,
        0.4625,
        0.385,
        0.3075,
        0.2325,
        0.155,
        0.0775,
        0
    ],
    "ImageOrientationPatientDICOM": [
        0.995688,
        -0.0891282,
        -0.0257397,
        0.0678791,
        0.889055,
        -0.452741
    ],
    "ImageOrientationText": "Tra>Cor(-26.7)>Sag(-3.6)",
    "InPlanePhaseEncodingDirectionDICOM": "COL",
    "ConversionSoftware": "dcm2niix",
    "ConversionSoftwareVersion": "v1.0.20220720",
    "Dcm2bidsVersion": "2.1.6",
    "TaskName": "ep"
}