{
    "Modality": "MR",
    "MagneticFieldStrength": 3,
    "ImagingFrequency": 123.229,
    "Manufacturer": "Siemens",
    "ManufacturersModelName": "Prisma_fit",
    "InstitutionName": "CBU",
    "InstitutionalDepartmentName": "Department",
    "InstitutionAddress": "Chaucer Road 15,Cambridge,District,GB,CB2 7EF",
    "DeviceSerialNumber": "67035",
    "StationName": "MRC35119",
    "BodyPartExamined": "BRAIN",
    "PatientPosition": "HFS",
    "ProcedureStepDescription": "AUTO_ALIGN_PROTOCOLS^MR20004",
    "SoftwareVersions": "syngo MR E11",
    "MRAcquisitionType": "2D",
    "SeriesDescription": "CBU_FieldMapping_32chn_FoV240_35mm",
    "ProtocolName": "CBU_FieldMapping_32chn_FoV240_35mm",
    "ScanningSequence": "GR",
    "SequenceVariant": "SP",
    "SequenceName": "*fm2d2r",
    "ImageType": [
        "ORIGINAL",
        "PRIMARY",
        "P",
        "ND",
        "PHASE"
    ],
    "NonlinearGradientCorrection": false,
    "SeriesNumber": 22,
    "AcquisitionTime": "16:49:53.672500",
    "AcquisitionNumber": 1,
    "SliceThickness": 3.5,
    "SpacingBetweenSlices": 3.5,
    "SAR": 0.109423,
    "EchoNumber": 2,
    "EchoTime": 0.00765,
    "RepetitionTime": 0.512,
    "FlipAngle": 60,
    "EchoTime1": 0.00519,
    "EchoTime2": 0.00765,
    "PartialFourier": 1,
    "BaseResolution": 68,
    "ShimSetting": [
        -4211,
        -6492,
        -3164,
        389,
        94,
        140,
        -98,
        -26
    ],
    "TxRefAmp": 233.005,
    "PhaseResolution": 1,
    "ReceiveCoilName": "Head_32",
    "ReceiveCoilActiveElements": "HEA;HEP",
    "PulseSequenceDetails": "%SiemensSeq%\\gre_field_mapping",
    "CoilCombinationMethod": "Adaptive Combine",
    "ConsistencyInfo": "N4_VE11E_LATEST_20181129",
    "MatrixCoilMode": "SENSE",
    "PercentPhaseFOV": 100,
    "PercentSampling": 100,
    "PhaseEncodingSteps": 68,
    "AcquisitionMatrixPE": 68,
    "ReconMatrixPE": 68,
    "PixelBandwidth": 260,
    "DwellTime": 2.82e-05,
    "PhaseEncodingDirection": "j-",
    "SliceTiming": [
        0.25,
        0,
        0.26562,
        0,
        0.28125,
        0.01562,
        0.28125,
        0.03125,
        0.29688,
        0.04688,
        0.3125,
        0.0625,
        0.32812,
        0.0625,
        0.32812,
        0.07812,
        0.34375,
        0.09375,
        0.35938,
        0.10938,
        0.375,
        0.10938,
        0.39062,
        0.125,
        0.39062,
        0.14062,
        0.40625,
        0.15625,
        0.42188,
        0.17188,
        0.4375,
        0.17188,
        0.45312,
        0.1875,
        0.45312,
        0.20312,
        0.46875,
        0.21875,
        0.48438,
        0.21875,
        0.5,
        0.23438
    ],
    "ImageOrientationPatientDICOM": [
        0.999895,
        0.0118262,
        0.00841318,
        -0.0043629,
        0.797795,
        -0.602913
    ],
    "ImageOrientationText": "Tra>Cor(-37.1)>Sag(0.8)",
    "InPlanePhaseEncodingDirectionDICOM": "COL",
    "ConversionSoftware": "dcm2niix",
    "ConversionSoftwareVersion": "v1.0.20220720",
    "Dcm2bidsVersion": "2.1.6"
}