{
    "Modality": "MR",
    "MagneticFieldStrength": 3,
    "ImagingFrequency": 123.23,
    "Manufacturer": "Siemens",
    "ManufacturersModelName": "Prisma_fit",
    "InstitutionName": "CBU",
    "InstitutionalDepartmentName": "Department",
    "InstitutionAddress": "Chaucer Road 15,Cambridge,District,GB,CB2 7EF",
    "DeviceSerialNumber": "67035",
    "StationName": "MRC35119",
    "BodyPartExamined": "BRAIN",
    "PatientPosition": "HFS",
    "ProcedureStepDescription": "AUTO_ALIGN_PROTOCOLS^MR20004_RT",
    "SoftwareVersions": "syngo MR E11",
    "MRAcquisitionType": "2D",
    "SeriesDescription": "CBU_FieldMapping_32chn_FoV240_35mm",
    "ProtocolName": "CBU_FieldMapping_32chn_FoV240_35mm",
    "ScanningSequence": "GR",
    "SequenceVariant": "SP",
    "SequenceName": "*fm2d2r",
    "ImageType": [
        "ORIGINAL",
        "PRIMARY",
        "M",
        "ND",
        "NORM"
    ],
    "NonlinearGradientCorrection": false,
    "SeriesNumber": 21,
    "AcquisitionTime": "11:47:31.970000",
    "AcquisitionNumber": 1,
    "SliceThickness": 3.5,
    "SpacingBetweenSlices": 3.5,
    "SAR": 0.0988187,
    "EchoNumber": 1,
    "EchoTime": 0.00519,
    "RepetitionTime": 0.512,
    "FlipAngle": 60,
    "PartialFourier": 1,
    "BaseResolution": 68,
    "ShimSetting": [
        -4197,
        -6450,
        -3009,
        529,
        128,
        202,
        113,
        36
    ],
    "TxRefAmp": 240.656,
    "PhaseResolution": 1,
    "ReceiveCoilName": "Head_32",
    "ReceiveCoilActiveElements": "HEA;HEP",
    "PulseSequenceDetails": "%SiemensSeq%\\gre_field_mapping",
    "CoilCombinationMethod": "Adaptive Combine",
    "ConsistencyInfo": "N4_VE11E_LATEST_20181129",
    "MatrixCoilMode": "SENSE",
    "PercentPhaseFOV": 100,
    "PercentSampling": 100,
    "PhaseEncodingSteps": 68,
    "AcquisitionMatrixPE": 68,
    "ReconMatrixPE": 68,
    "PixelBandwidth": 260,
    "DwellTime": 2.82e-05,
    "PhaseEncodingDirection": "j-",
    "SliceTiming": [
        0.25,
        0,
        0.26562,
        0.00781,
        0.27344,
        0.01562,
        0.28906,
        0.03125,
        0.29688,
        0.04688,
        0.3125,
        0.05469,
        0.32031,
        0.07031,
        0.33594,
        0.07812,
        0.35156,
        0.09375,
        0.35938,
        0.10156,
        0.375,
        0.11719,
        0.38281,
        0.125,
        0.39844,
        0.14062,
        0.40625,
        0.15625,
        0.42188,
        0.16406,
        0.4375,
        0.17969,
        0.44531,
        0.1875,
        0.46094,
        0.20312,
        0.46875,
        0.21094,
        0.48438,
        0.22656,
        0.49219,
        0.24219
    ],
    "ImageOrientationPatientDICOM": [
        0.997236,
        -0.0339197,
        -0.0661014,
        -0.00469934,
        0.859121,
        -0.511751
    ],
    "ImageOrientationText": "Tra>Cor(-30.8)>Sag(-4.3)",
    "InPlanePhaseEncodingDirectionDICOM": "COL",
    "ConversionSoftware": "dcm2niix",
    "ConversionSoftwareVersion": "v1.0.20220720",
    "Dcm2bidsVersion": "2.1.6"
}