{
    "Modality": "MR",
    "MagneticFieldStrength": 3,
    "ImagingFrequency": 123.229,
    "Manufacturer": "Siemens",
    "ManufacturersModelName": "Prisma_fit",
    "InstitutionName": "CBU",
    "InstitutionalDepartmentName": "Department",
    "InstitutionAddress": "Chaucer Road 15,Cambridge,District,GB,CB2 7EF",
    "DeviceSerialNumber": "67035",
    "StationName": "MRC35119",
    "BodyPartExamined": "BRAIN",
    "PatientPosition": "HFS",
    "ProcedureStepDescription": "AUTO_ALIGN_PROTOCOLS^MR20004",
    "SoftwareVersions": "syngo MR E11",
    "MRAcquisitionType": "2D",
    "SeriesDescription": "CBU_FieldMapping_32chn_FoV240_35mm",
    "ProtocolName": "CBU_FieldMapping_32chn_FoV240_35mm",
    "ScanningSequence": "GR",
    "SequenceVariant": "SP",
    "SequenceName": "*fm2d2r",
    "ImageType": [
        "ORIGINAL",
        "PRIMARY",
        "M",
        "ND",
        "NORM"
    ],
    "NonlinearGradientCorrection": false,
    "SeriesNumber": 26,
    "AcquisitionTime": "11:05:38.782500",
    "AcquisitionNumber": 1,
    "SliceThickness": 3.5,
    "SpacingBetweenSlices": 3.5,
    "SAR": 0.108601,
    "EchoNumber": 1,
    "EchoTime": 0.00519,
    "RepetitionTime": 0.512,
    "FlipAngle": 60,
    "PartialFourier": 1,
    "BaseResolution": 68,
    "ShimSetting": [
        -4208,
        -6547,
        -3065,
        303,
        61,
        167,
        50,
        -55
    ],
    "TxRefAmp": 259.119,
    "PhaseResolution": 1,
    "ReceiveCoilName": "Head_32",
    "ReceiveCoilActiveElements": "HEA;HEP",
    "PulseSequenceDetails": "%SiemensSeq%\\gre_field_mapping",
    "CoilCombinationMethod": "Adaptive Combine",
    "ConsistencyInfo": "N4_VE11E_LATEST_20181129",
    "MatrixCoilMode": "SENSE",
    "PercentPhaseFOV": 100,
    "PercentSampling": 100,
    "PhaseEncodingSteps": 68,
    "AcquisitionMatrixPE": 68,
    "ReconMatrixPE": 68,
    "PixelBandwidth": 260,
    "DwellTime": 2.82e-05,
    "PhaseEncodingDirection": "j-",
    "SliceTiming": [
        0.25,
        0,
        0.26562,
        0.00781,
        0.27344,
        0.02344,
        0.28906,
        0.03125,
        0.30469,
        0.04688,
        0.3125,
        0.05469,
        0.32812,
        0.07031,
        0.33594,
        0.07812,
        0.35156,
        0.09375,
        0.35938,
        0.10938,
        0.375,
        0.11719,
        0.38281,
        0.13281,
        0.39844,
        0.14062,
        0.41406,
        0.15625,
        0.42188,
        0.16406,
        0.4375,
        0.17969,
        0.44531,
        0.1875,
        0.46094,
        0.20312,
        0.46875,
        0.21875,
        0.48438,
        0.22656,
        0.5,
        0.24219
    ],
    "ImageOrientationPatientDICOM": [
        0.999903,
        0.00746442,
        0.0117476,
        0.000349047,
        0.830315,
        -0.557294
    ],
    "ImageOrientationText": "Tra>Cor(-33.9)>Sag(0.8)",
    "InPlanePhaseEncodingDirectionDICOM": "COL",
    "ConversionSoftware": "dcm2niix",
    "ConversionSoftwareVersion": "v1.0.20220720",
    "Dcm2bidsVersion": "2.1.6"
}